GEM
  remote: https://rubygems.org/
  specs:
    autoprefixer-rails (6.7.7.2)
      execjs
    backports (3.7.0)
    bootstrap (4.0.0.alpha6)
      autoprefixer-rails (>= 6.0.3)
      sass (>= 3.4.19)
    byebug (9.0.6)
    concurrent-ruby (1.0.5)
    execjs (2.7.0)
    ffi (1.9.18)
    font-awesome-sass (4.7.0)
      sass (>= 3.2)
    listen (3.1.5)
      rb-fsevent (~> 0.9, >= 0.9.4)
      rb-inotify (~> 0.9, >= 0.9.7)
      ruby_dep (~> 1.2)
    mini_magick (4.6.1)
    multi_json (1.12.1)
    puma (3.8.2)
    rack (1.6.5)
    rack-protection (1.5.3)
      rack
    rack-test (0.6.3)
      rack (>= 1.0)
    rb-fsevent (0.9.8)
    rb-inotify (0.9.8)
      ffi (>= 0.5.0)
    ruby_dep (1.5.0)
    sass (3.4.23)
    schmooze (0.1.6)
    sinatra (1.4.8)
      rack (~> 1.5)
      rack-protection (~> 1.4)
      tilt (>= 1.3, < 3)
    sinatra-contrib (1.4.7)
      backports (>= 2.0)
      multi_json
      rack-protection
      rack-test
      sinatra (~> 1.4.0)
      tilt (>= 1.3, < 3)
    sprockets (3.7.1)
      concurrent-ruby (~> 1.0)
      rack (> 1, < 3)
    sprockets-commoner (0.6.4)
      schmooze (~> 0.1.6)
      sprockets (>= 3, < 5)
    tilt (2.0.7)

PLATFORMS
  ruby

DEPENDENCIES
  bootstrap (~> 4.0.0.alpha6)
  byebug
  font-awesome-sass
  listen
  mini_magick
  puma
  sass
  sinatra
  sinatra-contrib
  sprockets (~> 3.0)
  sprockets-commoner

BUNDLED WITH
   1.15.0
