GEM
  remote: https://rubygems.org/
  specs:
    backports (3.7.0)
    byebug (9.0.6)
    concurrent-ruby (1.0.5)
    multi_json (1.12.1)
    puma (3.8.2)
    rack (1.6.5)
    rack-protection (1.5.3)
      rack
    rack-test (0.6.3)
      rack (>= 1.0)
    schmooze (0.1.6)
    sinatra (1.4.8)
      rack (~> 1.5)
      rack-protection (~> 1.4)
      tilt (>= 1.3, < 3)
    sinatra-contrib (1.4.7)
      backports (>= 2.0)
      multi_json
      rack-protection
      rack-test
      sinatra (~> 1.4.0)
      tilt (>= 1.3, < 3)
    sprockets (3.7.1)
      concurrent-ruby (~> 1.0)
      rack (> 1, < 3)
    sprockets-commoner (0.6.4)
      schmooze (~> 0.1.6)
      sprockets (>= 3, < 5)
    tilt (2.0.7)

PLATFORMS
  ruby

DEPENDENCIES
  byebug
  puma
  sinatra
  sinatra-contrib
  sprockets (~> 3.0)
  sprockets-commoner

BUNDLED WITH
   1.14.6
